GEM
  remote: http://rubygems.org/
  specs:
    backports (2.6.5)
    chunky_png (1.2.6)
    classifier (1.3.3)
      fast-stemmer (>= 1.0.0)
    closure-compiler (1.1.7)
    compass (0.12.2)
      chunky_png (~> 1.2)
      fssm (>= 0.2.7)
      sass (~> 3.1)
    daemons (1.1.9)
    dalli (2.6.0)
    directory_watcher (1.4.1)
    eventmachine (1.0.0)
    fast-stemmer (1.0.1)
    fssm (0.2.9)
    i18n (0.6.1)
    jekyll (0.12.0)
      classifier (~> 1.3)
      directory_watcher (~> 1.1)
      kramdown (~> 0.13.4)
      liquid (~> 2.3)
      maruku (~> 0.5)
      pygments.rb (~> 0.3.2)
    jekyll-asset-pipeline (0.1.2)
      jekyll (>= 0.10.0)
      liquid (>= 1.9.0)
    kgio (2.7.4)
    kramdown (0.13.8)
    liquid (2.4.1)
    mail (2.5.3)
      i18n (>= 0.4.0)
      mime-types (~> 1.16)
      treetop (~> 1.4.8)
    maruku (0.6.1)
      syntax (>= 1.0.0)
    mime-types (1.19)
    nokogiri (1.5.6)
    oily_png (1.0.2)
      chunky_png (~> 1.2.1)
    polyglot (0.3.3)
    pony (1.4)
      mail (> 2.0)
    posix-spawn (0.3.6)
    pygments.rb (0.3.3)
      posix-spawn (~> 0.3.6)
      yajl-ruby (~> 1.1.0)
    rack (1.4.1)
    rack-cache (1.2)
      rack (>= 0.4)
    rack-protection (1.3.2)
      rack
    rack-test (0.6.2)
      rack (>= 1.0)
    raindrops (0.10.0)
    sass (3.2.4)
    sinatra (1.3.3)
      rack (~> 1.3, >= 1.3.6)
      rack-protection (~> 1.2)
      tilt (~> 1.3, >= 1.3.3)
    sinatra-contrib (1.3.2)
      backports (>= 2.0)
      eventmachine
      rack-protection
      rack-test
      sinatra (~> 1.3.0)
      tilt (~> 1.3)
    sinatra-reloader (1.0)
      sinatra-contrib
    syntax (1.0.0)
    thin (1.5.0)
      daemons (>= 1.0.9)
      eventmachine (>= 0.12.6)
      rack (>= 1.0.0)
    tilt (1.3.3)
    to_regexp (0.1.1)
    treetop (1.4.12)
      polyglot
      polyglot (>= 0.3.1)
    unicorn (4.5.0)
      kgio (~> 2.6)
      rack
      raindrops (~> 0.7)
    yajl-ruby (1.1.0)

PLATFORMS
  ruby

DEPENDENCIES
  closure-compiler
  compass
  dalli
  jekyll (= 0.12.0)
  jekyll-asset-pipeline
  nokogiri
  oily_png
  pony
  rack-cache
  sinatra
  sinatra-reloader
  thin
  to_regexp
  unicorn
